GEM
  remote: http://rubygems.org/
  specs:
    addressable (2.3.2)
    builder (3.2.2)
    codeclimate-test-reporter (0.3.0)
      simplecov (>= 0.7.1, < 1.0.0)
    crack (0.3.1)
    diff-lcs (1.1.3)
    faraday (0.7.6)
      addressable (~> 2.2)
      multipart-post (~> 1.1)
      rack (~> 1.1)
    git (1.2.6)
    github_api (0.4.10)
      faraday (~> 0.7.6)
      hashie (~> 1.2.0)
      multi_json (~> 1.0)
      oauth2 (~> 0.5.2)
    hashie (1.2.0)
    highline (1.6.21)
    httparty (0.8.3)
      multi_json (~> 1.0)
      multi_xml
    jeweler (2.0.1)
      builder
      bundler (>= 1.0)
      git (>= 1.2.5)
      github_api
      highline (>= 1.6.15)
      nokogiri (>= 1.5.10)
      rake
      rdoc
    json (1.8.1)
    mini_portile (0.5.3)
    multi_json (1.3.2)
    multi_xml (0.4.4)
    multipart-post (1.2.0)
    nokogiri (1.6.1)
      mini_portile (~> 0.5.0)
    oauth2 (0.5.2)
      faraday (~> 0.7)
      multi_json (~> 1.0)
    rack (1.5.2)
    rake (10.1.1)
    rdoc (3.12.2)
      json (~> 1.4)
    rspec (2.11.0)
      rspec-core (~> 2.11.0)
      rspec-expectations (~> 2.11.0)
      rspec-mocks (~> 2.11.0)
    rspec-core (2.11.1)
    rspec-expectations (2.11.2)
      diff-lcs (~> 1.1.3)
    rspec-mocks (2.11.2)
    simplecov (0.7.1)
      multi_json (~> 1.0)
      simplecov-html (~> 0.7.1)
    simplecov-html (0.7.1)
    webmock (1.8.9)
      addressable (>= 2.2.7)
      crack (>= 0.1.7)
    xml-simple (1.1.1)

PLATFORMS
  ruby

DEPENDENCIES
  bundler (>= 1.6.2)
  codeclimate-test-reporter (~> 0.3.0)
  httparty (~> 0.8.3)
  jeweler (~> 2.0.1)
  nokogiri (~> 1.6.1)
  rake (~> 10.1.0)
  rdoc (~> 3.12)
  rspec (~> 2.11.0)
  simplecov (~> 0.7.1)
  webmock (~> 1.8.9)
  xml-simple (~> 1.1.1)
